GIT
  remote: https://github.com/jekyll/minima
  revision: 43f3ed05dc0f6842d9292a6a827b31a8914ed714
  specs:
    minima (3.0.0.dev)
      jekyll (>= 3.5, < 5.0)
      jekyll-feed (~> 0.9)
      jekyll-seo-tag (~> 2.1)

GEM
  remote: https://rubygems.org/
  specs:
    addressable (2.8.7)
      public_suffix (>= 2.0.2, < 7.0)
    amq-protocol (2.3.3)
    amqp (1.8.0)
      amq-protocol (>= 2.2.0)
      eventmachine
    base64 (0.2.0)
    bigdecimal (3.1.9)
    colorator (1.1.0)
    concurrent-ruby (1.3.5)
    connection_pool (2.5.0)
    cookiejar (0.3.4)
    csv (3.3.2)
    em-http-request (1.1.7)
      addressable (>= 2.3.4)
      cookiejar (!= 0.3.1)
      em-socksify (>= 0.3)
      eventmachine (>= 1.0.3)
      http_parser.rb (>= 0.6.0)
    em-socksify (0.3.3)
      base64
      eventmachine (>= 1.0.0.beta.4)
    em-websocket (0.5.3)
      eventmachine (>= 0.12.9)
      http_parser.rb (~> 0)
    eventmachine (1.2.7)
    faye (1.4.0)
      cookiejar (>= 0.3.0)
      em-http-request (>= 1.1.6)
      eventmachine (>= 0.12.0)
      faye-websocket (>= 0.11.0)
      multi_json (>= 1.0.0)
      rack (>= 1.0.0)
      websocket-driver (>= 0.5.1)
    faye-websocket (0.11.3)
      eventmachine (>= 0.12.0)
      websocket-driver (>= 0.5.1)
    ffi (1.17.1-arm64-darwin)
    forwardable-extended (2.6.0)
    google-protobuf (4.30.1-arm64-darwin)
      bigdecimal
      rake (>= 13)
    http_parser.rb (0.8.0)
    i18n (1.14.7)
      concurrent-ruby (~> 1.0)
    jekyll (4.3.4)
      addressable (~> 2.4)
      colorator (~> 1.0)
      em-websocket (~> 0.5)
      i18n (~> 1.0)
      jekyll-sass-converter (>= 2.0, < 4.0)
      jekyll-watch (~> 2.0)
      kramdown (~> 2.3, >= 2.3.1)
      kramdown-parser-gfm (~> 1.0)
      liquid (~> 4.0)
      mercenary (>= 0.3.6, < 0.5)
      pathutil (~> 0.9)
      rouge (>= 3.0, < 5.0)
      safe_yaml (~> 1.0)
      terminal-table (>= 1.8, < 4.0)
      webrick (~> 1.7)
    jekyll-feed (0.17.0)
      jekyll (>= 3.7, < 5.0)
    jekyll-remote-theme (0.4.3)
      addressable (~> 2.0)
      jekyll (>= 3.5, < 5.0)
      jekyll-sass-converter (>= 1.0, <= 3.0.0, != 2.0.0)
      rubyzip (>= 1.3.0, < 3.0)
    jekyll-sass-converter (3.0.0)
      sass-embedded (~> 1.54)
    jekyll-seo-tag (2.8.0)
      jekyll (>= 3.8, < 5.0)
    jekyll-watch (2.2.1)
      listen (~> 3.0)
    kramdown (2.5.1)
      rexml (>= 3.3.9)
    kramdown-parser-gfm (1.1.0)
      kramdown (~> 2.0)
    liquid (4.0.4)
    listen (3.9.0)
      rb-fsevent (~> 0.10, >= 0.10.3)
      rb-inotify (~> 0.9, >= 0.9.10)
    logger (1.6.6)
    mercenary (0.4.0)
    multi_json (1.15.0)
    mustermann (3.0.3)
      ruby2_keywords (~> 0.0.1)
    pathutil (0.16.2)
      forwardable-extended (~> 2.6)
    primer (0.2.2)
      amqp (>= 0.6.7)
      faye (>= 0.5)
      redis (>= 2.1.1)
      sinatra (>= 1.1.0)
    public_suffix (6.0.1)
    rack (3.1.12)
    rack-protection (4.1.1)
      base64 (>= 0.1.0)
      logger (>= 1.6.0)
      rack (>= 3.0.0, < 4)
    rack-session (2.1.0)
      base64 (>= 0.1.0)
      rack (>= 3.0.0)
    rake (13.2.1)
    rb-fsevent (0.11.2)
    rb-inotify (0.11.1)
      ffi (~> 1.0)
    redis (5.4.0)
      redis-client (>= 0.22.0)
    redis-client (0.24.0)
      connection_pool
    rexml (3.4.1)
    rouge (4.5.1)
    ruby2_keywords (0.0.5)
    rubyzip (2.4.1)
    safe_yaml (1.0.5)
    sass-embedded (1.85.1-arm64-darwin)
      google-protobuf (~> 4.29)
    sinatra (4.1.1)
      logger (>= 1.6.0)
      mustermann (~> 3.0)
      rack (>= 3.0.0, < 4)
      rack-protection (= 4.1.1)
      rack-session (>= 2.0.0, < 3)
      tilt (~> 2.0)
    terminal-table (3.0.2)
      unicode-display_width (>= 1.1.1, < 3)
    tilt (2.6.0)
    unicode-display_width (2.6.0)
    webrick (1.9.1)
    websocket-driver (0.7.7)
      base64
      websocket-extensions (>= 0.1.0)
    websocket-extensions (0.1.5)

PLATFORMS
  arm64-darwin

DEPENDENCIES
  csv
  http_parser.rb (~> 0.6.0)
  jekyll (~> 4.3.1)
  jekyll-feed (~> 0.12)
  jekyll-remote-theme
  minima!
  primer
  tzinfo (>= 1, < 3)
  tzinfo-data
  wdm (~> 0.1.1)
  webrick (~> 1.7)

BUNDLED WITH
   2.5.9
